PATH
  remote: .
  specs:
    hikvision-ruby (0.0.0)
      activesupport (~> 5.2.0)
      excon (~> 0.60.0)
      faraday (~> 0.14.0)

GEM
  remote: https://rubygems.org/
  specs:
    activesupport (5.2.0)
      concurrent-ruby (~> 1.0, >= 1.0.2)
      i18n (>= 0.7, < 2)
      minitest (~> 5.1)
      tzinfo (~> 1.1)
    concurrent-ruby (1.0.5)
    excon (0.60.0)
    faraday (0.14.0)
      multipart-post (>= 1.2, < 3)
    i18n (1.0.1)
      concurrent-ruby (~> 1.0)
    minitest (5.11.3)
    multipart-post (2.0.0)
    thread_safe (0.3.6)
    tzinfo (1.2.5)
      thread_safe (~> 0.1)

PLATFORMS
  ruby

DEPENDENCIES
  hikvision-ruby!

BUNDLED WITH
   1.16.1
